GEM
  remote: http://rubygems.org/
  specs:
    espeak-ruby (0.4.0)
    haml (5.0.0)
      temple (>= 0.8.0)
      tilt
    rack (1.4.1)
    rack-protection (1.2.0)
      rack
    redis (2.2.2)
    sinatra (1.3.2)
      rack (~> 1.3, >= 1.3.6)
      rack-protection (~> 1.2)
      tilt (~> 1.3, >= 1.3.3)
    temple (0.8.2)
    tilt (1.3.3)

PLATFORMS
  ruby

DEPENDENCIES
  espeak-ruby
  haml
  redis
  sinatra
